GIT
  remote: git@git.stratosphe.re:reddit/akatoshbot.git
  revision: a4e143523fbe262c6d3acbf6c6b9eeb537ad4636
  branch: master
  specs:
    akatoshbot (0.3.1)
      crassius

GIT
  remote: git@git.stratosphe.re:reddit/crassius.git
  revision: f3fe42e98d6518941ee8ef12331a32dc6d5e49f7
  branch: master
  specs:
    crassius (0.3.1)
      erubis
      htmlentities
      rake
      snoo

GEM
  remote: https://rubygems.org/
  specs:
    coderay (1.1.0)
    erubis (2.7.0)
    hike (1.2.3)
    htmlentities (4.3.2)
    httparty (0.13.1)
      json (~> 1.8)
      multi_xml (>= 0.5.2)
    json (1.8.1)
    method_source (0.8.2)
    mini_portile (0.6.0)
    multi_json (1.10.1)
    multi_xml (0.5.5)
    nokogiri (1.6.3.1)
      mini_portile (= 0.6.0)
    pry (0.10.1)
      coderay (~> 1.1.0)
      method_source (~> 0.8.1)
      slop (~> 3.4)
    rack (1.5.2)
    rake (10.3.2)
    sass (3.4.5)
    slop (3.6.0)
    snoo (0.1.2)
      httparty
      nokogiri
    sprockets (2.12.2)
      hike (~> 1.2)
      multi_json (~> 1.0)
      rack (~> 1.0)
      tilt (~> 1.1, != 1.3.0)
    sprockets-sass (1.2.0)
      sprockets (~> 2.0)
      tilt (~> 1.1)
    tilt (1.4.1)

PLATFORMS
  ruby

DEPENDENCIES
  akatoshbot!
  crassius!
  pry
  rake
  sass
  sprockets
  sprockets-sass
